GEM
  remote: https://rubygems.org/
  specs:
    cli (1.3.1)
    connection_pool (2.2.2)
    diff-lcs (1.3)
    faraday (1.0.1)
      multipart-post (>= 1.2, < 3)
    faraday_middleware (1.0.0)
      faraday (~> 1.0)
    multipart-post (2.1.1)
    oj (3.10.6)
    rspec (3.9.0)
      rspec-core (~> 3.9.0)
      rspec-expectations (~> 3.9.0)
      rspec-mocks (~> 3.9.0)
    rspec-core (3.9.1)
      rspec-support (~> 3.9.1)
    rspec-expectations (3.9.1)
      diff-lcs (>= 1.2.0, < 2.0)
      rspec-support (~> 3.9.0)
    rspec-mocks (3.9.1)
      diff-lcs (>= 1.2.0, < 2.0)
      rspec-support (~> 3.9.0)
    rspec-support (3.9.2)
    thread (0.2.2)

PLATFORMS
  ruby

DEPENDENCIES
  cli (~> 1.3, >= 1.3.1)
  connection_pool (~> 2.2, >= 2.2.2)
  faraday (~> 1.0, >= 1.0.1)
  faraday_middleware (~> 1.0)
  oj (~> 3.10)
  rspec (~> 3.9)
  thread (~> 0.2.2)

BUNDLED WITH
   2.1.4
